PATH
  remote: .
  specs:
    broken_link_finder (0.1.0)
      wgit

GEM
  remote: https://rubygems.org/
  specs:
    bson (4.5.0)
    byebug (11.0.1)
    coderay (1.1.2)
    method_source (0.9.2)
    mini_portile2 (2.4.0)
    minitest (5.11.3)
    mongo (2.8.0)
      bson (>= 4.4.2, < 5.0.0)
    nokogiri (1.10.3)
      mini_portile2 (~> 2.4.0)
    pry (0.12.2)
      coderay (~> 1.1.0)
      method_source (~> 0.9.0)
    rake (10.5.0)
    wgit (0.0.8)
      mongo (~> 2.6)
      nokogiri (~> 1.10)

PLATFORMS
  ruby

DEPENDENCIES
  broken_link_finder!
  bundler (~> 2.0)
  byebug (~> 11.0)
  minitest (~> 5.0)
  pry (~> 0.12)
  rake (~> 10.0)

BUNDLED WITH
   2.0.1
