PATH
  remote: .
  specs:
    broken_link_finder (0.9.1)
      thor (= 0.20.3)
      thread (= 0.2)
      wgit (= 0.2.0)

GEM
  remote: https://rubygems.org/
  specs:
    addressable (2.6.0)
      public_suffix (>= 2.0.2, < 4.0)
    bson (4.5.0)
    byebug (11.0.1)
    coderay (1.1.2)
    crack (0.4.3)
      safe_yaml (~> 1.0.0)
    hashdiff (0.4.0)
    httplog (1.3.2)
      rack (>= 1.0)
      rainbow (>= 2.0.0)
    memory_profiler (0.9.14)
    method_source (0.9.2)
    mini_portile2 (2.4.0)
    minitest (5.11.3)
    mongo (2.9.1)
      bson (>= 4.4.2, < 5.0.0)
    nokogiri (1.10.4)
      mini_portile2 (~> 2.4.0)
    pry (0.12.2)
      coderay (~> 1.1.0)
      method_source (~> 0.9.0)
    public_suffix (3.1.0)
    rack (2.0.7)
    rainbow (3.0.0)
    rake (10.5.0)
    safe_yaml (1.0.5)
    thor (0.20.3)
    thread (0.2.0)
    webmock (3.5.1)
      addressable (>= 2.3.6)
      crack (>= 0.3.2)
      hashdiff
    wgit (0.2.0)
      addressable (~> 2.6.0)
      mongo (~> 2.9.0)
      nokogiri (~> 1.10.3)

PLATFORMS
  ruby

DEPENDENCIES
  broken_link_finder!
  bundler (~> 2.0)
  byebug (~> 11.0)
  httplog (~> 1.3)
  memory_profiler (~> 0.9)
  minitest (~> 5.0)
  pry (~> 0.12)
  rake (~> 10.0)
  webmock (~> 3.5)

BUNDLED WITH
   2.0.1
